GEM
  remote: https://rubygems.org/
  specs:
    daemons (1.2.2)
    deep_hash_transform (1.0.0)
    diff-lcs (1.2.5)
    dropbox-sdk (1.6.4)
      json
    eventmachine (1.0.7)
    haml (4.0.6)
      tilt
    httpclient (2.6.0.1)
    json (1.8.2)
    metaclass (0.0.4)
    mocha (1.1.0)
      metaclass (~> 0.0.1)
    rack (1.6.1)
    rack-protection (1.5.3)
      rack
    redcarpet (3.2.3)
    rspec (3.2.0)
      rspec-core (~> 3.2.0)
      rspec-expectations (~> 3.2.0)
      rspec-mocks (~> 3.2.0)
    rspec-core (3.2.3)
      rspec-support (~> 3.2.0)
    rspec-expectations (3.2.1)
      diff-lcs (>= 1.2.0, < 2.0)
      rspec-support (~> 3.2.0)
    rspec-mocks (3.2.1)
      diff-lcs (>= 1.2.0, < 2.0)
      rspec-support (~> 3.2.0)
    rspec-support (3.2.2)
    sequel (4.22.0)
    sinatra (1.4.6)
      rack (~> 1.4)
      rack-protection (~> 1.4)
      tilt (>= 1.3, < 3)
    sqlite3 (1.3.10)
    thin (1.6.3)
      daemons (~> 1.0, >= 1.0.9)
      eventmachine (~> 1.0)
      rack (~> 1.0)
    tilt (2.0.1)

PLATFORMS
  ruby

DEPENDENCIES
  deep_hash_transform
  dropbox-sdk
  haml
  httpclient
  mocha
  redcarpet
  rspec
  sequel
  sinatra
  sqlite3
  thin
